PATH
  remote: .
  specs:
    aggredator-amqp (0.1.0)
      activesupport
      aggredator-app (~> 2.1.0)
      bunny

GEM
  remote: https://rubygems.org/
  remote: http://nexus.rnds.local/repository/internal/
  specs:
    active_interaction (3.8.3)
      activemodel (>= 4, < 7)
    activemodel (6.0.3.2)
      activesupport (= 6.0.3.2)
    activesupport (6.0.3.2)
      concurrent-ruby (~> 1.0, >= 1.0.2)
      i18n (>= 0.7, < 2)
      minitest (~> 5.1)
      tzinfo (~> 1.1)
      zeitwerk (~> 2.2, >= 2.2.2)
    aggredator-api (2.5.0.36797)
      active_interaction
      activesupport
      builder
      terminal-table
    aggredator-app (2.1.0.36834)
      activesupport
      aggredator-api (~> 2.0)
      aggredator-client (~> 2.0)
    aggredator-client (2.0.1)
      activesupport
      aggredator-api (~> 2.0)
      bunny (~> 2.14.2)
      concurrent-ruby (~> 1.1.5)
    amq-protocol (2.3.2)
    builder (3.2.4)
    bunny (2.14.4)
      amq-protocol (~> 2.3, >= 2.3.0)
    concurrent-ruby (1.1.7)
    diff-lcs (1.4.4)
    i18n (1.8.5)
      concurrent-ruby (~> 1.0)
    minitest (5.14.2)
    rake (12.3.3)
    rspec (3.9.0)
      rspec-core (~> 3.9.0)
      rspec-expectations (~> 3.9.0)
      rspec-mocks (~> 3.9.0)
    rspec-core (3.9.2)
      rspec-support (~> 3.9.3)
    rspec-expectations (3.9.2)
      diff-lcs (>= 1.2.0, < 2.0)
      rspec-support (~> 3.9.0)
    rspec-mocks (3.9.1)
      diff-lcs (>= 1.2.0, < 2.0)
      rspec-support (~> 3.9.0)
    rspec-support (3.9.3)
    terminal-table (1.8.0)
      unicode-display_width (~> 1.1, >= 1.1.1)
    thread_safe (0.3.6)
    tzinfo (1.2.7)
      thread_safe (~> 0.1)
    unicode-display_width (1.7.0)
    zeitwerk (2.4.0)

PLATFORMS
  ruby

DEPENDENCIES
  aggredator-amqp!
  rake (~> 12.0)
  rspec (~> 3.0)

BUNDLED WITH
   2.1.4
